GEM
  remote: http://rubygems.org/
  specs:
    bluecloth (2.1.0)
    gli (1.3.2)
    heroku (2.3.6)
      launchy (>= 0.3.2)
      rest-client (~> 1.6.1)
      term-ansicolor (~> 1.0.5)
    json (1.5.3)
    launchy (2.0.3)
    mime-types (1.16)
    nokogiri (1.5.0)
    rack (1.3.1)
    rdiscount (1.6.8)
    rest-client (1.6.3)
      mime-types (>= 1.16)
    showoff (0.4.2)
      bluecloth
      gli (>= 1.2.5)
      json
      nokogiri
      sinatra
    sinatra (1.2.6)
      rack (~> 1.1)
      tilt (>= 1.2.2, < 2.0)
    term-ansicolor (1.0.6)
    tilt (1.3.2)

PLATFORMS
  ruby

DEPENDENCIES
  gli (>= 1.3.2)
  heroku
  rdiscount
  showoff
